GEM
  remote: http://rubygems.org/
  specs:
    Ascii85 (1.0.1)
    activemodel (3.2.6)
      activesupport (= 3.2.6)
      builder (~> 3.0.0)
    activerecord (3.2.6)
      activemodel (= 3.2.6)
      activesupport (= 3.2.6)
      arel (~> 3.0.2)
      tzinfo (~> 0.3.29)
    activesupport (3.2.6)
      i18n (~> 0.6)
      multi_json (~> 1.0)
    addressable (2.2.8)
    arel (3.0.2)
    aws (2.5.6)
      http_connection
      uuidtools
      xml-simple
    aws-s3 (0.6.3)
      builder
      mime-types
      xml-simple
    builder (3.0.0)
    carrierwave (0.6.2)
      activemodel (>= 3.2.0)
      activesupport (>= 3.2.0)
    concur (0.1.2)
      em-http-request
      eventmachine
      faraday
    cookiejar (0.3.0)
    domain_name (0.5.20190701)
      unf (>= 0.0.5, < 1.0.0)
    dropbox (1.2.3)
      json (>= 1.2.0)
      mechanize (>= 1.0.0)
      multipart-post (>= 1.0)
      oauth (>= 0.3.6)
    em-http-request (1.0.2)
      addressable (>= 2.2.3)
      cookiejar
      em-socksify
      eventmachine (>= 1.0.0.beta.4)
      http_parser.rb (>= 0.5.3)
    em-socksify (0.2.0)
      eventmachine (>= 1.0.0.beta.4)
    eventmachine (1.0.0.rc.4)
    excon (0.14.3)
    faraday (0.8.1)
      multipart-post (~> 1.1)
    ffi (1.0.11)
    fog (1.4.0)
      builder
      excon (~> 0.14.0)
      formatador (~> 0.2.0)
      mime-types
      multi_json (~> 1.0)
      net-scp (~> 1.0.4)
      net-ssh (>= 2.1.3)
      nokogiri (~> 1.5.0)
      ruby-hmac
    formatador (0.2.3)
    git (1.2.5)
    hashie (1.2.0)
    http-cookie (1.0.3)
      domain_name (~> 0.5)
    http_connection (1.4.1)
    http_parser.rb (0.5.3)
    i18n (0.6.0)
    iron_core (0.2.0)
      rest (>= 2.0.0)
    iron_mq (2.0.0)
      iron_core (>= 0.2.0)
    iron_worker (2.3.14)
      bundler
      rest
      rest-client
      zip
    jeweler2 (2.0.9)
      git (>= 1.2.5)
    json (2.3.0)
    logglier (0.2.7)
    mail (2.4.4)
      i18n (>= 0.4.0)
      mime-types (~> 1.16)
      treetop (~> 1.4.8)
    mechanize (2.7.2)
      domain_name (~> 0.5, >= 0.5.1)
      http-cookie (~> 1.0.0)
      mime-types (~> 1.17, >= 1.17.2)
      net-http-digest_auth (~> 1.1, >= 1.1.1)
      net-http-persistent (~> 2.5, >= 2.5.2)
      nokogiri (~> 1.4)
      ntlm-http (~> 0.1, >= 0.1.1)
      webrobots (>= 0.0.9, < 0.2)
    mime-types (1.25.1)
    mini_fb (1.1.7)
      hashie
      rest-client
    mongoid (3.0.0)
      activemodel (~> 3.1)
      moped (~> 1.1.1)
      origin (~> 1.0.3)
      tzinfo (~> 0.3.22)
    mongoid_i18n (0.5.1)
      mongoid (>= 2.1.0)
    moped (1.1.1)
    multi_json (1.3.6)
    multipart-post (1.2.0)
    net-http-digest_auth (1.4.1)
    net-http-persistent (2.9.4)
    net-scp (1.0.4)
      net-ssh (>= 1.99.1)
    net-ssh (2.5.2)
    nokogiri (1.5.11)
    ntlm-http (0.1.1)
    oauth (0.5.4)
    origin (1.0.4)
    pdf-reader (1.1.1)
      Ascii85 (~> 1.0.0)
      ruby-rc4
    polyglot (0.3.3)
    prawn (0.12.0)
      pdf-reader (>= 0.9.0)
      ttfunk (~> 1.0.2)
    pusher (0.9.4)
      multi_json (~> 1.0)
      signature (~> 0.1.2)
    rack (1.4.1)
    rest (2.0.0)
      net-http-persistent
      rest-client (>= 0.3.0)
    rest-client (1.6.7)
      mime-types (>= 1.16)
    ruby-hmac (0.4.0)
    ruby-rc4 (0.1.5)
    signature (0.1.3)
    simple_record (2.2.0)
      aws
      concur
    test-unit (2.5.1)
    timecop (0.3.5)
    treetop (1.4.10)
      polyglot
      polyglot (>= 0.3.1)
    ttfunk (1.0.3)
    typhoeus (0.4.2)
      ffi (~> 1.0)
      mime-types (~> 1.18)
    tzinfo (0.3.33)
    uber_config (0.0.3)
    unf (0.1.4)
      unf_ext
    unf_ext (0.0.7.6)
    uuidtools (2.1.2)
    webrobots (0.1.2)
    xml-simple (1.1.1)
    zip (2.0.2)

PLATFORMS
  ruby

DEPENDENCIES
  activerecord
  activesupport
  aws-s3
  carrierwave
  concur
  dropbox (= 1.2.3)
  fog
  iron_mq
  iron_worker
  jeweler2
  logglier
  mail
  mechanize
  mini_fb
  mongoid_i18n
  pdf-reader
  prawn
  pusher
  rack
  rest
  signature
  simple_record
  test-unit
  timecop
  typhoeus
  uber_config
  zip

BUNDLED WITH
   1.17.3
